GEM
  remote: http://rubygems.org/
  specs:
    hpricot (0.8.2)
    hpricot (0.8.2-java)
    jruby-jars (1.6.2)
    jruby-rack (1.0.9)
    rack (1.2.1)
    rake (0.8.7)
    rubyzip (0.9.4)
    shotgun (0.8)
      rack (>= 1.0)
    sinatra (1.0)
      rack (>= 1.0)
    warbler (1.3.1)
      jruby-jars (>= 1.4.0)
      jruby-rack (>= 1.0.0)
      rake (~> 0.8.7)
      rubyzip (>= 0.9.4)

PLATFORMS
  java
  ruby

DEPENDENCIES
  hpricot (~> 0.8.0)
  shotgun (~> 0.8)
  sinatra (~> 1.0.0)
  warbler (~> 1.3.1)
